PATH
  remote: .
  specs:
    browser_sniffer (2.4.0)

GEM
  remote: https://rubygems.org/
  specs:
    minitest (5.22.3)
    rake (13.1.0)

PLATFORMS
  arm64-darwin-21
  universal-java-11
  x86_64-linux

DEPENDENCIES
  browser_sniffer!
  bundler
  minitest
  rake

BUNDLED WITH
   2.3.7
